GEM
  remote: https://rubygems.org/
  specs:
    diff-lcs (1.3)
    docile (1.1.5)
    ffi (1.9.18)
    ffi-compiler2 (2.0.0)
      ffi (>= 1.0.0)
      rake
    filesize (0.1.1)
    highline (1.7.10)
    httparty (0.15.6)
      multi_xml (>= 0.5.2)
    json (2.1.0)
    libmspack (0.1.0)
      ffi
      ffi-compiler2 (>= 2.0.0)
    multi_xml (0.6.0)
    options (2.3.2)
    progress_bar (1.1.0)
      highline (~> 1.6)
      options (~> 2.3.0)
    rake (12.3.0)
    rspec (3.7.0)
      rspec-core (~> 3.7.0)
      rspec-expectations (~> 3.7.0)
      rspec-mocks (~> 3.7.0)
    rspec-core (3.7.1)
      rspec-support (~> 3.7.0)
    rspec-expectations (3.7.0)
      diff-lcs (>= 1.2.0, < 2.0)
      rspec-support (~> 3.7.0)
    rspec-mocks (3.7.0)
      diff-lcs (>= 1.2.0, < 2.0)
      rspec-support (~> 3.7.0)
    rspec-support (3.7.0)
    simplecov (0.15.1)
      docile (~> 1.1.0)
      json (>= 1.8, < 3)
      simplecov-html (~> 0.10.0)
    simplecov-html (0.10.2)
    yard (0.9.12)

PLATFORMS
  ruby

DEPENDENCIES
  filesize
  httparty
  libmspack
  progress_bar
  rspec
  simplecov
  yard

BUNDLED WITH
   1.16.1
